PATH
  remote: .
  specs:
    officialfm (0.1.2)
      faraday (~> 0.8.1)
      faraday_middleware (~> 0.8.8)
      hashie (~> 1.2)

GEM
  remote: http://rubygems.org/
  specs:
    faraday (0.8.1)
      multipart-post (~> 1.1)
    faraday_middleware (0.8.8)
      faraday (>= 0.7.4, < 0.9)
    hashie (1.2.0)
    jnunemaker-matchy (0.4.0)
    multi_json (1.3.6)
    multipart-post (1.1.5)
    rake (0.9.2.2)
    shoulda (2.11.3)
    simplecov (0.6.0)
      multi_json (~> 1.0)
      simplecov-html (~> 0.5.3)
    simplecov-gem-adapter (1.0.1)
      simplecov
    simplecov-html (0.5.3)
    test-unit (2.5.1)

PLATFORMS
  ruby

DEPENDENCIES
  bundler (~> 1.0)
  jnunemaker-matchy (~> 0.4)
  officialfm!
  rake (~> 0.8)
  shoulda (~> 2.11)
  simplecov (~> 0.6.0)
  simplecov-gem-adapter (~> 1.0.1)
  test-unit (~> 2.1)
